GEM
  remote: https://rubygems.org/
  specs:
    activesupport (7.1.2)
      base64
      bigdecimal
      concurrent-ruby (~> 1.0, >= 1.0.2)
      connection_pool (>= 2.2.5)
      drb
      i18n (>= 1.6, < 2)
      minitest (>= 5.1)
      mutex_m
      tzinfo (~> 2.0)
    addressable (2.8.6)
      public_suffix (>= 2.0.2, < 6.0)
    appydays (0.8.0)
      dotenv (~> 2.7)
      semantic_logger (~> 4.6)
    aws-eventstream (1.3.0)
    aws-partitions (1.877.0)
    aws-sdk-core (3.190.1)
      aws-eventstream (~> 1, >= 1.3.0)
      aws-partitions (~> 1, >= 1.651.0)
      aws-sigv4 (~> 1.8)
      jmespath (~> 1, >= 1.6.1)
    aws-sdk-pricing (1.53.0)
      aws-sdk-core (~> 3, >= 3.188.0)
      aws-sigv4 (~> 1.1)
    aws-sdk-sts (1.11.0)
      aws-sdk-core (~> 3, >= 3.110.0)
      aws-sigv4 (~> 1.1)
    aws-sigv4 (1.8.0)
      aws-eventstream (~> 1, >= 1.0.2)
    barnes (0.0.9)
      multi_json (~> 1)
      statsd-ruby (~> 1.1)
    base64 (0.2.0)
    bcrypt (3.1.20)
    bigdecimal (3.1.5)
    biz (1.8.2)
      clavius (~> 1.0)
      tzinfo
    builder (3.2.4)
    clavius (1.0.4)
    clipboard (1.3.6)
    coderay (1.1.3)
    concurrent-ruby (1.2.2)
    connection_pool (2.4.1)
    css_parser (1.16.0)
      addressable
    date (3.3.4)
    diff-lcs (1.5.0)
    dotenv (2.8.1)
    down (5.4.1)
      addressable (~> 2.8)
    drb (2.2.0)
      ruby2_keywords
    dry-core (1.0.1)
      concurrent-ruby (~> 1.0)
      zeitwerk (~> 2.6)
    dry-inflector (1.0.0)
    dry-logic (1.5.0)
      concurrent-ruby (~> 1.0)
      dry-core (~> 1.0, < 2)
      zeitwerk (~> 2.6)
    dry-types (1.7.2)
      bigdecimal (~> 3.0)
      concurrent-ruby (~> 1.0)
      dry-core (~> 1.0)
      dry-inflector (~> 1.0)
      dry-logic (~> 1.4)
      zeitwerk (~> 2.6)
    erubis (2.7.0)
    et-orbi (1.2.7)
      tzinfo
    excon (0.109.0)
    faker (3.2.2)
      i18n (>= 1.8.11, < 2)
    fluent_fixtures (0.11.0)
      faker (~> 3.2)
      inflecto (~> 0.0)
      loggability (~> 0.17)
    foreman (0.87.2)
    fugit (1.9.0)
      et-orbi (~> 1, >= 1.2.7)
      raabro (~> 1.4)
    globalid (1.2.1)
      activesupport (>= 6.1)
    grape (2.0.0)
      activesupport (>= 5)
      builder
      dry-types (>= 1.1)
      mustermann-grape (~> 1.0.0)
      rack (>= 1.3.0)
      rack-accept
    grape-entity (1.0.0)
      activesupport (>= 3.0.0)
      multi_json (>= 1.3.2)
    grape-swagger (2.0.1)
      grape (>= 1.7, < 3.0)
      rack-test (~> 2)
    grape_logging (1.8.4)
      grape
      rack
    heroics (0.1.2)
      erubis (~> 2.0)
      excon
      moneta
      multi_json (>= 1.9.2)
      webrick
    htmlentities (4.3.4)
    httparty (0.21.0)
      mini_mime (>= 1.0.0)
      multi_xml (>= 0.5.2)
    i18n (1.14.1)
      concurrent-ruby (~> 1.0)
    ice_cube (0.16.4)
    inflecto (0.0.2)
    jmespath (1.6.2)
    liquid (5.4.0)
    loggability (0.18.2)
    mail (2.8.1)
      mini_mime (>= 0.1.1)
      net-imap
      net-pop
      net-smtp
    method_source (1.0.0)
    mimemagic (0.4.3)
      nokogiri (~> 1)
      rake
    mini_mime (1.1.5)
    mini_portile2 (2.8.5)
    minitest (5.20.0)
    moneta (1.0.0)
    monetize (1.12.0)
      money (~> 6.12)
    money (6.16.0)
      i18n (>= 0.6.4, <= 2)
    multi_json (1.15.0)
    multi_xml (0.6.0)
    mustermann (3.0.0)
      ruby2_keywords (~> 0.0.1)
    mustermann-grape (1.0.2)
      mustermann (>= 1.0.0)
    mutex_m (0.2.0)
    net-imap (0.4.9.1)
      date
      net-protocol
    net-pop (0.1.2)
      net-protocol
    net-protocol (0.2.2)
      timeout
    net-smtp (0.4.0.1)
      net-protocol
    nio4r (2.7.0)
    nokogiri (1.16.0)
      mini_portile2 (~> 2.8.2)
      racc (~> 1.4)
    nokogiri (1.16.0-x86_64-darwin)
      racc (~> 1.4)
    nokogiri (1.16.0-x86_64-linux)
      racc (~> 1.4)
    oj (3.16.3)
      bigdecimal (>= 3.0)
    pg (1.5.4)
    phony (2.20.11)
    platform-api (3.5.0)
      heroics (~> 0.1.1)
      moneta (~> 1.0.0)
      rate_throttle_client (~> 0.1.0)
    premailer (1.22.0)
      addressable
      css_parser (>= 1.12.0)
      htmlentities (>= 4.0.0)
    pry (0.14.2)
      coderay (~> 1.1)
      method_source (~> 1.0)
    public_suffix (5.0.4)
    puma (6.4.2)
      nio4r (~> 2.0)
    raabro (1.4.0)
    racc (1.7.3)
    rack (2.2.8)
    rack-accept (0.4.5)
      rack (>= 0.4)
    rack-cors (2.0.1)
      rack (>= 2.0.0)
    rack-protection (3.2.0)
      base64 (>= 0.1.0)
      rack (~> 2.2, >= 2.2.4)
    rack-ssl-enforcer (0.2.9)
    rack-test (2.1.0)
      rack (>= 1.3)
    rake (13.1.0)
    rate_throttle_client (0.1.2)
    redis (4.8.1)
    redis-client (0.19.1)
      connection_pool
    rspec (3.12.0)
      rspec-core (~> 3.12.0)
      rspec-expectations (~> 3.12.0)
      rspec-mocks (~> 3.12.0)
    rspec-core (3.12.2)
      rspec-support (~> 3.12.0)
    rspec-eventually (0.2.2)
    rspec-expectations (3.12.3)
      diff-lcs (>= 1.2.0, < 2.0)
      rspec-support (~> 3.12.0)
    rspec-mocks (3.12.6)
      diff-lcs (>= 1.2.0, < 2.0)
      rspec-support (~> 3.12.0)
    rspec-support (3.12.1)
    ruby2_keywords (0.0.5)
    semantic_logger (4.15.0)
      concurrent-ruby (~> 1.0)
    sentry-ruby (5.16.0)
      concurrent-ruby (~> 1.0, >= 1.0.2)
    sentry-sidekiq (5.16.0)
      sentry-ruby (~> 5.16.0)
      sidekiq (>= 3.0)
    sequel (5.76.0)
      bigdecimal
    sequel-annotate (1.7.0)
      sequel (>= 4)
    sequel-money-fields (0.1.0)
      monetize
      money
      sequel
    sequel-soft-deletes (0.1.3)
    sequel-tstzrange-fields (0.2.1)
      pg
      sequel
    sequel_pg (1.17.1)
      pg (>= 0.18.0, != 1.2.0)
      sequel (>= 4.38.0)
    sequel_postgresql_triggers (1.5.0)
      sequel
    sidekiq (6.5.12)
      connection_pool (>= 2.2.5, < 3)
      rack (~> 2.0)
      redis (>= 4.5.0, < 5)
    sidekiq-amigo (1.6.1)
      sidekiq (~> 6)
      sidekiq-cron (~> 1)
    sidekiq-cron (1.12.0)
      fugit (~> 1.8)
      globalid (>= 1.0.1)
      sidekiq (>= 6)
    slack-notifier (2.4.0)
    statsd-ruby (1.5.0)
    stripe (10.5.0)
    timeout (0.4.1)
    tzinfo (2.0.6)
      concurrent-ruby (~> 1.0)
    warden (1.2.9)
      rack (>= 2.0.9)
    webhookdb (1.0.0)
      activesupport (~> 7.1)
      appydays (>= 0.8)
      aws-sdk-pricing (~> 1.53)
      aws-sdk-sts (~> 1.11)
      barnes (~> 0.0)
      bcrypt (~> 3.1)
      biz (~> 1.8)
      clipboard (~> 1.3)
      concurrent-ruby (~> 1.2)
      down (~> 5.4)
      foreman (~> 0.87)
      grape (~> 2.0.0)
      grape-entity (~> 1.0.0)
      grape-swagger (~> 2.0.0)
      grape_logging (~> 1.8.4)
      httparty (~> 0.21)
      ice_cube
      liquid (~> 5.4)
      mail (~> 2.8)
      mimemagic (~> 0.4)
      monetize (~> 1.12)
      money (~> 6.16)
      nokogiri (~> 1.16)
      oj (~> 3.16)
      pg (~> 1.5)
      phony (~> 2.20)
      platform-api (~> 3.5)
      premailer (~> 1.21)
      pry (~> 0.14)
      puma (~> 6.4)
      rack-cors (~> 2.0)
      rack-protection (~> 3.2)
      rack-ssl-enforcer (~> 0.2)
      rake (~> 13.1)
      redis (~> 4.8)
      redis-client (~> 0.19)
      semantic_logger (~> 4.15)
      sentry-ruby (~> 5.15)
      sentry-sidekiq (~> 5.15)
      sequel (~> 5.75)
      sequel-annotate (~> 1.7)
      sequel-money-fields (~> 0.1)
      sequel-soft-deletes (~> 0.1)
      sequel-tstzrange-fields (~> 0.2)
      sequel_pg (~> 1.17)
      sequel_postgresql_triggers (~> 1.5)
      sidekiq (~> 6)
      sidekiq-amigo (~> 1.6)
      sidekiq-cron (~> 1.12)
      slack-notifier (~> 2.4)
      stripe (~> 10.4)
      warden (~> 1.2)
    webrick (1.8.1)
    zeitwerk (2.6.12)

PLATFORMS
  ruby
  x86_64-darwin-19
  x86_64-linux

DEPENDENCIES
  faker (~> 3.2)
  fluent_fixtures (~> 0.11)
  rspec (~> 3.12)
  rspec-eventually (~> 0.2)
  webhookdb (~> 1.0)

RUBY VERSION
   ruby 3.2.1p31

BUNDLED WITH
   2.3.10
